GEM
  remote: https://rubygems.org/
  specs:
    pp (0.1.1)
    slop (4.6.2)

PLATFORMS
  ruby
  x64-mingw32

DEPENDENCIES
  pp
  slop

BUNDLED WITH
   1.17.2
